GEM
  remote: http://rubygems.org/
  specs:
    optiflag (0.7)

PLATFORMS
  ruby

DEPENDENCIES
  optiflag
